GEM
  remote: https://rubygems.org/
  specs:
    activesupport (5.0.2)
      concurrent-ruby (~> 1.0, >= 1.0.2)
      i18n (~> 0.7)
      minitest (~> 5.1)
      tzinfo (~> 1.1)
    ast (2.3.0)
    brakeman (3.5.0)
    code_analyzer (0.4.7)
      sexp_processor
    concurrent-ruby (1.0.5)
    erubis (2.7.0)
    haml (4.0.7)
      tilt
    haml_lint (0.22.1)
      haml (>= 4.0, < 5.1)
      rainbow
      rake (>= 10, < 13)
      rubocop (>= 0.47.0)
      sysexits (~> 1.1)
    i18n (0.8.1)
    json (2.0.3)
    minitest (5.10.1)
    parser (2.4.0.0)
      ast (~> 2.2)
    powerpack (0.1.1)
    rails_best_practices (1.18.0)
      activesupport
      code_analyzer (>= 0.4.3)
      erubis
      i18n
      json
      require_all
      ruby-progressbar
    rainbow (2.2.1)
    rake (12.0.0)
    require_all (1.4.0)
    rubocop (0.47.1)
      parser (>= 2.3.3.1, < 3.0)
      powerpack (~> 0.1)
      rainbow (>= 1.99.1, < 3.0)
      ruby-progressbar (~> 1.7)
      unicode-display_width (~> 1.0, >= 1.0.1)
    ruby-progressbar (1.8.1)
    sexp_processor (4.8.0)
    sysexits (1.2.0)
    thread_safe (0.3.6)
    tilt (2.0.6)
    tzinfo (1.2.2)
      thread_safe (~> 0.1)
    unicode-display_width (1.1.3)

PLATFORMS
  ruby

DEPENDENCIES
  brakeman (= 3.5.0)
  haml
  haml_lint (= 0.22.1)
  rails_best_practices (= 1.18.0)
  rake
  rubocop (= 0.47.1)

RUBY VERSION
   ruby 2.4.0p0

BUNDLED WITH
   1.14.6
