GEM
  remote: https://rubygems.org/
  specs:
    activesupport (5.2.0)
      concurrent-ruby (~> 1.0, >= 1.0.2)
      i18n (>= 0.7, < 2)
      minitest (~> 5.1)
      tzinfo (~> 1.1)
    ast (2.4.0)
    brakeman (3.7.2)
    code_analyzer (0.4.8)
      sexp_processor
    concurrent-ruby (1.0.5)
    erubis (2.7.0)
    haml (5.0.4)
      temple (>= 0.8.0)
      tilt
    haml_lint (0.27.0)
      haml (>= 4.0, < 5.1)
      rainbow
      rake (>= 10, < 13)
      rubocop (>= 0.50.0)
      sysexits (~> 1.1)
    i18n (1.0.1)
      concurrent-ruby (~> 1.0)
    jaro_winkler (1.4.0)
    json (2.1.0)
    minitest (5.11.3)
    parallel (1.12.1)
    parser (2.5.1.0)
      ast (~> 2.4.0)
    powerpack (0.1.1)
    rails_best_practices (1.19.0)
      activesupport
      code_analyzer (>= 0.4.8)
      erubis
      i18n
      json
      require_all
      ruby-progressbar
    rainbow (3.0.0)
    rake (12.3.1)
    require_all (2.0.0)
    rubocop (0.57.0)
      jaro_winkler (~> 1.4.0)
      parallel (~> 1.10)
      parser (>= 2.5)
      powerpack (~> 0.1)
      rainbow (>= 2.2.2, < 4.0)
      ruby-progressbar (~> 1.7)
      unicode-display_width (~> 1.0, >= 1.0.1)
    ruby-progressbar (1.9.0)
    sexp_processor (4.11.0)
    sysexits (1.2.0)
    temple (0.8.0)
    thread_safe (0.3.6)
    tilt (2.0.8)
    tzinfo (1.2.5)
      thread_safe (~> 0.1)
    unicode-display_width (1.4.0)

PLATFORMS
  ruby

DEPENDENCIES
  brakeman (= 3.7.2)
  haml
  haml_lint (= 0.27.0)
  rails_best_practices (= 1.19.0)
  rake
  rubocop (= 0.57.0)

RUBY VERSION
   ruby 2.5.3p105

BUNDLED WITH
   1.16.6
